GEM
  remote: https://rubygems.org/
  specs:
    http-2-next (0.2.1)
    httpx (0.6.4)
      http-2-next (>= 0.1.2)
      timers
    little-plugger (1.1.4)
    logging (2.2.2)
      little-plugger (~> 1.1)
      multi_json (~> 1.10)
    mini_portile2 (2.4.0)
    multi_json (1.14.1)
    nokogiri (1.10.7)
      mini_portile2 (~> 2.4.0)
    pg (1.2.2)
    rss (0.2.8)
    sequel (5.28.0)
    sqlite3 (1.4.2)
    timers (4.3.0)
    zstd-ruby (1.4.4.0)

PLATFORMS
  ruby

DEPENDENCIES
  httpx (~> 0.6)
  logging (~> 2.2)
  nokogiri (~> 1.10)
  pg (~> 1.2)
  rss (~> 0.2)
  sequel (~> 5.28)
  sqlite3 (~> 1.4)
  zstd-ruby (~> 1.4)

BUNDLED WITH
   2.1.2
